GEM
  remote: https://rubygems.org/
  specs:
    committee (3.3.0)
      json_schema (~> 0.14, >= 0.14.3)
      openapi_parser (>= 0.6.1)
      rack (>= 1.5)
    diff-lcs (1.3)
    json_schema (0.20.8)
    mustermann (1.1.1)
      ruby2_keywords (~> 0.0.1)
    openapi_parser (0.6.1)
    rack (2.2.3)
    rack-protection (2.2.0)
      rack
    rack-test (1.1.0)
      rack (>= 1.0, < 3)
    rspec (3.9.0)
      rspec-core (~> 3.9.0)
      rspec-expectations (~> 3.9.0)
      rspec-mocks (~> 3.9.0)
    rspec-core (3.9.0)
      rspec-support (~> 3.9.0)
    rspec-expectations (3.9.0)
      diff-lcs (>= 1.2.0, < 2.0)
      rspec-support (~> 3.9.0)
    rspec-mocks (3.9.0)
      diff-lcs (>= 1.2.0, < 2.0)
      rspec-support (~> 3.9.0)
    rspec-support (3.9.0)
    ruby2_keywords (0.0.5)
    sinatra (2.2.0)
      mustermann (~> 1.0)
      rack (~> 2.2)
      rack-protection (= 2.2.0)
      tilt (~> 2.0)
    tilt (2.0.10)

PLATFORMS
  ruby

DEPENDENCIES
  committee
  rack-test
  rspec
  sinatra

BUNDLED WITH
   2.1.0.pre.3
