GEM
  remote: https://rubygems.org/
  specs:
    base64 (0.2.0)
    committee (3.3.0)
      json_schema (~> 0.14, >= 0.14.3)
      openapi_parser (>= 0.6.1)
      rack (>= 1.5)
    diff-lcs (1.3)
    json_schema (0.20.8)
    logger (1.6.1)
    mustermann (3.0.3)
      ruby2_keywords (~> 0.0.1)
    openapi_parser (0.6.1)
    rack (3.1.8)
    rack-protection (4.1.0)
      base64 (>= 0.1.0)
      logger (>= 1.6.0)
      rack (>= 3.0.0, < 4)
    rack-session (2.0.0)
      rack (>= 3.0.0)
    rack-test (2.1.0)
      rack (>= 1.3)
    rspec (3.9.0)
      rspec-core (~> 3.9.0)
      rspec-expectations (~> 3.9.0)
      rspec-mocks (~> 3.9.0)
    rspec-core (3.9.0)
      rspec-support (~> 3.9.0)
    rspec-expectations (3.9.0)
      diff-lcs (>= 1.2.0, < 2.0)
      rspec-support (~> 3.9.0)
    rspec-mocks (3.9.0)
      diff-lcs (>= 1.2.0, < 2.0)
      rspec-support (~> 3.9.0)
    rspec-support (3.9.0)
    ruby2_keywords (0.0.5)
    sinatra (4.1.0)
      logger (>= 1.6.0)
      mustermann (~> 3.0)
      rack (>= 3.0.0, < 4)
      rack-protection (= 4.1.0)
      rack-session (>= 2.0.0, < 3)
      tilt (~> 2.0)
    tilt (2.4.0)

PLATFORMS
  ruby

DEPENDENCIES
  committee
  rack-test
  rspec
  sinatra

BUNDLED WITH
   2.1.0.pre.3
